GIT
  remote: https://github.com/dcrosby42/cedar
  revision: 11b041c04e27212dfec5711bc54733f2e108046f
  branch: main
  specs:
    cedar (0.1.0)
      activesupport (~> 6.1.3.1)
      gosu (~> 1.2.0)

GEM
  remote: https://rubygems.org/
  specs:
    activesupport (6.1.3.1)
      concurrent-ruby (~> 1.0, >= 1.0.2)
      i18n (>= 1.6, < 2)
      minitest (>= 5.1)
      tzinfo (~> 2.0)
      zeitwerk (~> 2.3)
    concurrent-ruby (1.1.8)
    gosu (1.2.0)
    i18n (1.8.10)
      concurrent-ruby (~> 1.0)
    minitest (5.14.4)
    tzinfo (2.0.4)
      concurrent-ruby (~> 1.0)
    zeitwerk (2.4.2)

PLATFORMS
  ruby

DEPENDENCIES
  cedar!

BUNDLED WITH
   2.1.4
